GEM
  remote: https://rubygems.org/
  specs:
    facter (2.3.0)
    mini_portile2 (2.8.0)
    minitest (4.7.5)
    nokogiri (1.13.9)
      mini_portile2 (~> 2.8.0)
      racc (~> 1.4)
    racc (1.6.0)
    rack (2.1.4.1)
    rake (12.3.3)

PLATFORMS
  ruby

DEPENDENCIES
  facter
  minitest (~> 4)
  nokogiri
  rack (~> 2)
  rake

BUNDLED WITH
   1.16.1
