GEM
  remote: https://rubygems.org/
  specs:
    facter (2.4.1)
    mini_portile2 (2.8.6)
    minitest (4.7.5)
    nokogiri (1.16.5)
      mini_portile2 (~> 2.8.2)
      racc (~> 1.4)
    racc (1.7.3)
    rack (2.2.8.1)
    rake (12.3.3)

PLATFORMS
  ruby

DEPENDENCIES
  facter
  minitest (~> 4)
  nokogiri
  rack (~> 2)
  rake

BUNDLED WITH
   1.16.1
